PATH
  remote: .
  specs:
    angsa (0.1.1)

GEM
  remote: https://rubygems.org/
  specs:
    rake (13.0.6)

PLATFORMS
  arm64-darwin-22

DEPENDENCIES
  angsa!
  rake (~> 13.0)

BUNDLED WITH
   2.3.26
